GEM
  remote: https://rubygems.org/
  specs:
    awesome_print (1.9.2)
    ffi (1.16.3)
    free_disk_space (1.0.0)
      sys-filesystem
    sys-filesystem (1.4.4)
      ffi (~> 1.1)
    sys-proctable (1.3.0)
      ffi (~> 1.1)

PLATFORMS
  x86_64-linux

DEPENDENCIES
  awesome_print
  free_disk_space
  sys-filesystem
  sys-proctable (~> 1.2, >= 1.2.6)

BUNDLED WITH
   2.3.5
